PATH
  remote: .
  specs:
    workbook (0.4.2)
      nokogiri
      rake
      rchardet (~> 1.3)
      rubyXL
      rubyzip
      spreadsheet (>= 0.7.5)

GEM
  remote: http://rubygems.org/
  specs:
    nokogiri (1.5.9)
    rake (10.0.4)
    rchardet (1.3.1)
    ruby-ole (1.2.11.6)
    rubyXL (1.2.10)
    rubyzip (0.9.9)
    spreadsheet (0.8.5)
      ruby-ole (>= 1.0)

PLATFORMS
  ruby

DEPENDENCIES
  workbook!
