PATH
  remote: .
  specs:
    workbook (0.0.18)

GEM
  remote: http://rubygems.org/
  specs:

PLATFORMS
  ruby

DEPENDENCIES
  workbook!
