PATH
  remote: .
  specs:
    workbook (0.2.1)
      fastercsv
      rchardet (~> 1.3)
      rubyXL
      spreadsheet (>= 0.7.5)

GEM
  remote: http://rubygems.org/
  specs:
    fastercsv (1.5.5)
    rchardet (1.3.1)
    ruby-ole (1.2.11.6)
    rubyXL (1.2.10)
    spreadsheet (0.7.6)
      ruby-ole (>= 1.0)

PLATFORMS
  ruby

DEPENDENCIES
  workbook!
