PATH
  remote: .
  specs:
    workbook (0.1.0)
      fastercsv
      rchardet (~> 1.3)
      spreadsheet (>= 0.6.8)

GEM
  remote: http://rubygems.org/
  specs:
    fastercsv (1.5.4)
    rchardet (1.3)
    ruby-ole (1.2.11.3)
    spreadsheet (0.6.8)
      ruby-ole (>= 1.0)

PLATFORMS
  ruby

DEPENDENCIES
  workbook!
